GIT
  remote: git://github.com/melezhik/simple_console.git
  revision: f28bdd2ccde9ff2e848d7e120eadab1f2eaa140e
  specs:
    simple_console (0.0.1)
      term-ansicolor

GEM
  remote: https://rubygems.org/
  specs:
    jenkins-plugin-runtime (0.2.3)
      json
      slop (~> 3.0.2)
    json (1.7.7)
    json (1.7.7-java)
    slop (3.0.4)
    term-ansicolor (1.1.1)

PLATFORMS
  java
  ruby

DEPENDENCIES
  jenkins-plugin-runtime
  simple_console!
