GEM
  remote: https://rubygems.org/
  remote: http://melezhik.x:9292/
  specs:
    jenkins-plugin-runtime (0.2.3)
      json
      slop (~> 3.0.2)
    json (1.7.7)
    json (1.7.7-java)
    simple_console (0.0.1)
    slop (3.0.4)

PLATFORMS
  java
  ruby

DEPENDENCIES
  jenkins-plugin-runtime
  simple_console
